GIT
  remote: https://github.com/larskanis/ruby-serialport.git
  revision: 907c28e0ed8785b527696b2036e6dc454975240b
  branch: update
  specs:
    serialport (1.3.2)

GEM
  remote: https://rubygems.org/
  specs:

PLATFORMS
  arm64-darwin-23
  ruby

DEPENDENCIES
  serialport!

BUNDLED WITH
   2.5.23
